GEM
  remote: https://rubygems.org/
  specs:
    date (3.3.4)
    dotenv (2.8.1)
    httparty (0.21.0)
      mini_mime (>= 1.0.0)
      multi_xml (>= 0.5.2)
    mini_mime (1.1.5)
    multi_xml (0.6.0)
    mustermann (3.0.0)
      ruby2_keywords (~> 0.0.1)
    open-uri (0.4.0)
      stringio
      time
      uri
    rack (2.2.8)
    rack-protection (3.1.0)
      rack (~> 2.2, >= 2.2.4)
    ruby2_keywords (0.0.5)
    sinatra (3.1.0)
      mustermann (~> 3.0)
      rack (~> 2.2, >= 2.2.4)
      rack-protection (= 3.1.0)
      tilt (~> 2.0)
    stringio (3.0.9)
    tilt (2.3.0)
    time (0.3.0)
      date
    uri (0.13.0)

PLATFORMS
  x64-mingw-ucrt

DEPENDENCIES
  dotenv (~> 2.8)
  httparty (~> 0.21.0)
  open-uri (~> 0.4.0)
  sinatra (~> 3.1)

BUNDLED WITH
   2.4.14
